GEM
  remote: http://ruby.taobao.org/
  specs:
    ProMotion (2.0.0)
      methadone (~> 1.4)
    bubble-wrap (1.7.0)
      bubble-wrap-http (= 1.7.0)
    bubble-wrap-http (1.7.0)
    methadone (1.5.1)
      bundler
    motion-localization (1.0.3)
      bundler (~> 1.3)
      rake
    rake (10.3.2)
    sugarcube (1.6.2)

PLATFORMS
  ruby

DEPENDENCIES
  ProMotion (~> 2.0)
  bubble-wrap
  motion-localization
  rake
  sugarcube
