GEM
  remote: http://ruby.taobao.org/
  specs:
    ProMotion (2.0.0)
      methadone (~> 1.4)
    activesupport (3.2.19)
      i18n (~> 0.6, >= 0.6.4)
      multi_json (~> 1.0)
    afmotion (2.3.1)
      motion-cocoapods (>= 1.4.1)
      motion-require (>= 0.1)
    bubble-wrap (1.7.0)
      bubble-wrap-http (= 1.7.0)
    bubble-wrap-http (1.7.0)
    claide (0.5.0)
    cocoapods (0.32.1)
      activesupport (>= 3.2.15, < 4)
      claide (~> 0.5.0)
      cocoapods-core (= 0.32.1)
      cocoapods-downloader (~> 0.5.0)
      cocoapods-try (~> 0.2.0)
      colored (~> 1.2)
      escape (~> 0.0.4)
      json_pure (~> 1.8)
      nap (~> 0.7)
      open4 (~> 1.3)
      xcodeproj (~> 0.16.1)
    cocoapods-core (0.32.1)
      activesupport (>= 3.2.15, < 4)
      fuzzy_match (~> 2.0.4)
      json_pure (~> 1.8)
      nap (~> 0.5)
    cocoapods-downloader (0.5.0)
    cocoapods-try (0.2.0)
    colored (1.2)
    escape (0.0.4)
    fuzzy_match (2.0.4)
    i18n (0.6.11)
    json_pure (1.8.1)
    methadone (1.5.1)
      bundler
    motion-cocoapods (1.4.2)
      cocoapods (>= 0.32.1)
    motion-require (0.2.0)
    multi_json (1.10.1)
    nap (0.8.0)
    open4 (1.3.4)
    rake (10.3.2)
    xcodeproj (0.16.1)
      activesupport (~> 3.0)
      colored (~> 1.2)

PLATFORMS
  ruby

DEPENDENCIES
  ProMotion (~> 2.0)
  afmotion (~> 2.1)
  bubble-wrap
  cocoapods (~> 0.32.1)
  motion-cocoapods (~> 1.4.1)
  rake
